GEM
  remote: https://rubygems.org/
  specs:
    addressable (2.3.6)
    dotenv (0.7.0)
    foreman (0.67.0)
      dotenv (~> 0.7.0)
      thor (~> 0.17.0)
    haml (4.0.5)
      tilt
    kgio (2.9.2)
    mime-types (2.2)
    mini_portile (0.6.0)
    multi_json (1.10.1)
    nokogiri (1.6.2.1)
      mini_portile (= 0.6.0)
    progressbar (0.21.0)
    rack (1.5.2)
    rack-flash3 (1.0.5)
      rack
    rack-protection (1.5.3)
      rack
    rack-ssl-enforcer (0.2.6)
    rack-timeout (0.0.4)
    rainbows (4.6.2)
      kgio (~> 2.5)
      rack (~> 1.1)
      unicorn (~> 4.8)
    raindrops (0.13.0)
    rdiscount (2.1.7.1)
    sinatra (1.4.5)
      rack (~> 1.4)
      rack-protection (~> 1.4)
      tilt (~> 1.3, >= 1.3.4)
    thor (0.17.0)
    tilt (1.4.1)
    unicorn (4.8.3)
      kgio (~> 2.6)
      rack
      raindrops (~> 0.7)
    viddl-rb (1.0.1)
      mime-types
      multi_json
      nokogiri
      progressbar

PLATFORMS
  ruby

DEPENDENCIES
  addressable
  foreman
  haml
  rack
  rack-flash3
  rack-ssl-enforcer
  rack-timeout
  rainbows
  rdiscount
  sinatra (~> 1.4.0)
  viddl-rb
