GIT
  remote: git://github.com/sinatra/sinatra.git
  revision: 1e0a6472717f6ee5054ddd1e67d1af41b4f80c91
  specs:
    sinatra (1.4.0)
      rack (~> 1.3, >= 1.3.6)
      rack-protection (~> 1.2)
      tilt (~> 1.3, >= 1.3.3)

GEM
  remote: http://rubygems.org/
  specs:
    addressable (2.3.2)
    daemons (1.1.9)
    eventmachine (1.0.0)
    foreman (0.60.2)
      thor (>= 0.13.6)
    haml (3.1.7)
    hpricot (0.8.6)
    htmlentities (4.3.1)
    rack (1.4.1)
    rack-flash3 (1.0.1)
      rack
      rack
    rack-protection (1.2.0)
      rack
    rack-ssl-enforcer (0.2.4)
    rdiscount (1.6.8)
    thin (1.5.0)
      daemons (>= 1.0.9)
      eventmachine (>= 0.12.6)
      rack (>= 1.0.0)
    thor (0.16.0)
    tilt (1.3.3)
    youtube-downloader (1.2)
      hpricot (>= 0.8.2)
      htmlentities

PLATFORMS
  ruby

DEPENDENCIES
  addressable
  foreman
  haml
  rack
  rack-flash3
  rack-ssl-enforcer
  rdiscount
  sinatra!
  thin
  youtube-downloader
