GEM
  remote: https://rubygems.org/
  specs:
    addressable (2.5.2)
      public_suffix (>= 2.0.2, < 4.0)
    backports (3.11.1)
    domain_name (0.5.20170404)
      unf (>= 0.0.5, < 1.0.0)
    haml (5.0.4)
      temple (>= 0.8.0)
      tilt
    http-cookie (1.0.3)
      domain_name (~> 0.5)
    kgio (2.11.2)
    mime-types (3.1)
      mime-types-data (~> 3.2015)
    mime-types-data (3.2016.0521)
    mini_portile2 (2.3.0)
    multi_json (1.13.1)
    mustermann (1.0.2)
    netrc (0.11.0)
    newrelic_rpm (4.8.0.341)
    nokogiri (1.8.2)
      mini_portile2 (~> 2.3.0)
    public_suffix (3.0.2)
    rack (2.0.4)
    rack-flash3 (1.0.5)
      rack
    rack-protection (2.0.1)
      rack
    rack-ssl-enforcer (0.2.9)
    rack-timeout (0.4.2)
    raindrops (0.19.0)
    rdiscount (2.2.0.1)
    rest-client (2.0.2)
      http-cookie (>= 1.0.2, < 2.0)
      mime-types (>= 1.16, < 4.0)
      netrc (~> 0.8)
    sinatra (2.0.1)
      mustermann (~> 1.0)
      rack (~> 2.0)
      rack-protection (= 2.0.1)
      tilt (~> 2.0)
    sinatra-contrib (2.0.1)
      backports (>= 2.0)
      multi_json
      mustermann (~> 1.0)
      rack-protection (= 2.0.1)
      sinatra (= 2.0.1)
      tilt (>= 1.3, < 3)
    sleepy_penguin (3.5.0)
    temple (0.8.0)
    tilt (2.0.8)
    unf (0.1.4)
      unf_ext
    unf_ext (0.0.7.5)
    unicorn (5.4.0)
      kgio (~> 2.6)
      raindrops (~> 0.7)
    yahns (1.15.0)
      kgio (~> 2.9)
      sleepy_penguin (~> 3.2)
      unicorn (>= 4.6.3, < 6.0)

PLATFORMS
  ruby

DEPENDENCIES
  addressable
  haml (~> 5.0)
  newrelic_rpm
  nokogiri
  rack
  rack-flash3
  rack-ssl-enforcer
  rack-timeout
  rdiscount
  rest-client
  sinatra (~> 2.0)
  sinatra-contrib
  yahns

RUBY VERSION
   ruby 2.4.3p205

BUNDLED WITH
   1.16.1
