GEM
  remote: https://rubygems.org/
  specs:
    addressable (2.5.0)
      public_suffix (~> 2.0, >= 2.0.2)
    backports (3.6.8)
    domain_name (0.5.20170223)
      unf (>= 0.0.5, < 1.0.0)
    haml (4.0.7)
      tilt
    http-cookie (1.0.3)
      domain_name (~> 0.5)
    kgio (2.11.0)
    mime-types (3.1)
      mime-types-data (~> 3.2015)
    mime-types-data (3.2016.0521)
    mini_portile2 (2.1.0)
    multi_json (1.10.1)
    netrc (0.11.0)
    newrelic_rpm (4.0.0.332)
    nokogiri (1.6.8.1)
      mini_portile2 (~> 2.1.0)
    progressbar (0.21.0)
    public_suffix (2.0.5)
    rack (1.6.5)
    rack-flash3 (1.0.5)
      rack
    rack-protection (1.5.3)
      rack
    rack-ssl-enforcer (0.2.9)
    rack-test (0.6.3)
      rack (>= 1.0)
    rack-timeout (0.4.2)
    raindrops (0.17.0)
    rdiscount (2.2.0.1)
    rest-client (2.0.1)
      http-cookie (>= 1.0.2, < 2.0)
      mime-types (>= 1.16, < 4.0)
      netrc (~> 0.8)
    sinatra (1.4.8)
      rack (~> 1.5)
      rack-protection (~> 1.4)
      tilt (>= 1.3, < 3)
    sinatra-contrib (1.4.7)
      backports (>= 2.0)
      multi_json
      rack-protection
      rack-test
      sinatra (~> 1.4.0)
      tilt (>= 1.3, < 3)
    sleepy_penguin (3.4.1)
    tilt (2.0.6)
    unf (0.1.4)
      unf_ext
    unf_ext (0.0.7.2)
    unicorn (5.2.0)
      kgio (~> 2.6)
      raindrops (~> 0.7)
    viddl-rb (1.1.1)
      multi_json (~> 1.10.0)
      nokogiri (~> 1.6.0)
      progressbar (~> 0.21)
      rest-client
    yahns (1.14.1)
      kgio (~> 2.9)
      sleepy_penguin (~> 3.2)
      unicorn (>= 4.6.3, < 6.0)

PLATFORMS
  ruby

DEPENDENCIES
  addressable
  haml
  newrelic_rpm
  nokogiri
  rack
  rack-flash3
  rack-ssl-enforcer
  rack-timeout
  rdiscount
  rest-client
  sinatra (~> 1.4)
  sinatra-contrib
  viddl-rb
  yahns

RUBY VERSION
   ruby 2.3.3p222

BUNDLED WITH
   1.14.6
