GEM
  remote: https://rubygems.org/
  specs:
    addressable (2.7.0)
      public_suffix (>= 2.0.2, < 5.0)
    backports (3.15.0)
    domain_name (0.5.20190701)
      unf (>= 0.0.5, < 1.0.0)
    haml (5.1.2)
      temple (>= 0.8.0)
      tilt
    http-accept (1.7.0)
    http-cookie (1.0.3)
      domain_name (~> 0.5)
    iodine (0.7.38)
    mime-types (3.2.2)
      mime-types-data (~> 3.2015)
    mime-types-data (3.2019.0331)
    mini_portile2 (2.4.0)
    multi_json (1.14.1)
    mustermann (1.1.0)
      ruby2_keywords (~> 0.0.1)
    netrc (0.11.0)
    newrelic_rpm (6.4.0.356)
    nokogiri (1.10.7)
      mini_portile2 (~> 2.4.0)
    public_suffix (4.0.1)
    rack (2.0.8)
    rack-flash3 (1.0.5)
      rack
    rack-protection (2.0.8)
      rack
    rack-ssl-enforcer (0.2.9)
    rack-timeout (0.6.0)
    rdiscount (2.2.0.1)
    rest-client (2.1.0)
      http-accept (>= 1.7.0, < 2.0)
      http-cookie (>= 1.0.2, < 2.0)
      mime-types (>= 1.16, < 4.0)
      netrc (~> 0.8)
    ruby2_keywords (0.0.1)
    sinatra (2.0.8)
      mustermann (~> 1.0)
      rack (~> 2.0)
      rack-protection (= 2.0.8)
      tilt (~> 2.0)
    sinatra-contrib (2.0.8)
      backports (>= 2.8.2)
      multi_json
      mustermann (~> 1.0)
      rack-protection (= 2.0.8)
      sinatra (= 2.0.8)
      tilt (~> 2.0)
    temple (0.8.1)
    tilt (2.0.10)
    unf (0.1.4)
      unf_ext
    unf_ext (0.0.7.6)

PLATFORMS
  ruby

DEPENDENCIES
  addressable
  haml (~> 5.1)
  iodine (~> 0.7)
  newrelic_rpm
  nokogiri
  rack
  rack-flash3
  rack-ssl-enforcer
  rack-timeout
  rdiscount
  rest-client
  sinatra (~> 2.0)
  sinatra-contrib

RUBY VERSION
   ruby 2.5.3p105

BUNDLED WITH
   1.16.2
